PATH
  remote: .
  specs:
    wordnik (4.12)
      activemodel (>= 3.0.3)
      addressable (>= 2.2.4)
      htmlentities (>= 4.2.4)
      json (>= 1.4.6)
      nokogiri (>= 1.4.4)
      typhoeus (>= 0.2.1)

GEM
  remote: http://rubygems.org/
  specs:
    ZenTest (4.6.2)
    activemodel (3.2.7)
      activesupport (= 3.2.7)
      builder (~> 3.0.0)
    activesupport (3.2.7)
      i18n (~> 0.6)
      multi_json (~> 1.0)
    addressable (2.2.6)
    autotest (4.4.6)
      ZenTest (>= 4.4.1)
    autotest-rails-pure (4.1.2)
    builder (3.0.3)
    crack (0.1.8)
    diff-lcs (1.1.3)
    htmlentities (4.3.1)
    i18n (0.6.1)
    json (1.7.6)
    mime-types (1.19)
    multi_json (1.3.6)
    nokogiri (1.5.5)
    rake (0.9.2.2)
    rspec (2.8.0)
      rspec-core (~> 2.8.0)
      rspec-expectations (~> 2.8.0)
      rspec-mocks (~> 2.8.0)
    rspec-core (2.8.0)
    rspec-expectations (2.8.0)
      diff-lcs (~> 1.1.2)
    rspec-mocks (2.8.0)
    ruby-prof (0.11.2)
    typhoeus (0.3.3)
      mime-types
    vcr (1.11.3)
    webmock (1.7.5)
      addressable (~> 2.2, > 2.2.5)
      crack (>= 0.1.7)

PLATFORMS
  ruby

DEPENDENCIES
  autotest
  autotest-rails-pure
  rake
  rspec (~> 2.8.0)
  ruby-prof
  vcr (~> 1.11.3)
  webmock (>= 1.6.2)
  wordnik!
